GEM
  remote: https://rubygems.org/
  specs:
    httpclient (2.3.4.1)
    json (1.8.0)
    mqtt (0.1.0)
    rack (1.5.2)
    sinatra (1.1.0)
      rack (~> 1.1)
      tilt (~> 1.1)
    tempodb (0.6.1)
      httpclient
      json
    tilt (1.4.1)

PLATFORMS
  ruby

DEPENDENCIES
  mqtt
  sinatra (= 1.1.0)
  tempodb
